GEM
  remote: https://rubygems.org/
  specs:
    json (2.6.1)
    rubytree (1.0.0)
      json (~> 2.1)
      structured_warnings (~> 0.3)
    structured_warnings (0.4.0)

PLATFORMS
  ruby

DEPENDENCIES
  rubytree

BUNDLED WITH
   2.1.4
